GEM
  remote: http://rubygems.org/
  specs:
    activemodel (3.0.20)
      activesupport (= 3.0.20)
      builder (~> 2.1.2)
      i18n (~> 0.5.0)
    activerecord (3.0.20)
      activemodel (= 3.0.20)
      activesupport (= 3.0.20)
      arel (~> 2.0.10)
      tzinfo (~> 0.3.23)
    activesupport (3.0.20)
    arel (2.0.10)
    builder (2.1.2)
    daemons (1.1.9)
    diff-lcs (1.1.3)
    eventmachine (1.0.3)
    i18n (0.5.0)
    mysql2 (0.3.13)
    rack (1.4.3)
    rack-protection (1.5.0)
      rack
    rack-test (0.6.2)
      rack (>= 1.0)
    rake (10.1.0)
    rspec (2.12.0)
      rspec-core (~> 2.12.0)
      rspec-expectations (~> 2.12.0)
      rspec-mocks (~> 2.12.0)
    rspec-core (2.12.2)
    rspec-expectations (2.12.1)
      diff-lcs (~> 1.1.3)
    rspec-mocks (2.12.1)
    sinatra (1.4.3)
      rack (~> 1.4)
      rack-protection (~> 1.4)
      tilt (~> 1.3, >= 1.3.4)
    sinatra-activerecord (1.2.3)
      activerecord (>= 3.0)
      sinatra (~> 1.0)
    thin (1.5.1)
      daemons (>= 1.0.9)
      eventmachine (>= 0.12.6)
      rack (>= 1.0.0)
    tilt (1.4.1)
    tzinfo (0.3.37)

PLATFORMS
  ruby

DEPENDENCIES
  builder (~> 2.1.2)
  mysql2 (= 0.3.13)
  rack-test (= 0.6.2)
  rake (~> 10.1.0)
  rspec (= 2.12.0)
  sinatra (= 1.4.3)
  sinatra-activerecord (= 1.2.3)
  thin (= 1.5.1)
